GEM
  remote: http://rubygems.org/
  specs:
    addressable (2.2.4)
    json_pure (1.5.1)
    linkeddata (0.3.1)
      rdf (~> 0.3.1)
      rdf-isomorphic (~> 0.3.1)
      rdf-json (~> 0.3.0)
      rdf-n3 (~> 0.3.0)
      rdf-rdfa (~> 0.3.0)
      rdf-rdfxml (~> 0.3.0)
      rdf-trix (~> 0.3.0)
    nokogiri (1.4.4)
    rdf (0.3.1)
      addressable (>= 2.2)
    rdf-isomorphic (0.3.4)
      rdf (>= 0.2.3)
    rdf-json (0.3.0)
      json_pure (>= 1.4.2)
      rdf (~> 0.3.0)
    rdf-n3 (0.3.1.1)
      rdf (>= 0.3.1)
    rdf-rdfa (0.3.1.2)
      nokogiri (>= 1.3.3)
      rdf (>= 0.3.1)
    rdf-rdfxml (0.3.2.1)
      nokogiri (>= 1.4.4)
      rdf (>= 0.3.1)
    rdf-trix (0.3.0)
      rdf (~> 0.3.0)

PLATFORMS
  ruby

DEPENDENCIES
  linkeddata
  rdf
